GEM
  remote: http://gemcutter.org/
  remote: http://gems.github.com/
  specs:
    albacore (0.2.7)
      rubyzip (~> 0.9)
    builder (3.0.0)
    capybara (1.1.2)
      mime-types (>= 1.16)
      nokogiri (>= 1.3.3)
      rack (>= 1.0.0)
      rack-test (>= 0.5.4)
      selenium-webdriver (~> 2.0)
      xpath (~> 0.1.4)
    childprocess (0.2.8)
      ffi (~> 1.0.6)
    cucumber (1.1.4)
      builder (>= 2.1.2)
      diff-lcs (>= 1.1.2)
      gherkin (~> 2.7.1)
      json (>= 1.4.6)
      term-ansicolor (>= 1.0.6)
    diff-lcs (1.1.3)
    ffi (1.0.11)
    gherkin (2.7.2-x86-mingw32)
      json (>= 1.4.6)
    json (1.6.4)
    mime-types (1.17.2)
    multi_json (1.0.4)
    nokogiri (1.5.0-x86-mingw32)
    rack (1.4.0)
    rack-test (0.6.1)
      rack (>= 1.0)
    rubyzip (0.9.5)
    selenium-webdriver (2.16.0)
      childprocess (>= 0.2.5)
      ffi (~> 1.0.9)
      multi_json (~> 1.0.4)
      rubyzip
    term-ansicolor (1.0.7)
    xpath (0.1.4)
      nokogiri (~> 1.3)

PLATFORMS
  x86-mingw32

DEPENDENCIES
  albacore
  capybara
  cucumber
